GEM
  remote: https://rubygems.org/
  specs:
    concurrent-ruby (1.1.7)
    diff-lcs (1.4.4)
    faker (2.14.0)
      i18n (>= 1.6, < 2)
    i18n (1.8.5)
      concurrent-ruby (~> 1.0)
    rspec (3.9.0)
      rspec-core (~> 3.9.0)
      rspec-expectations (~> 3.9.0)
      rspec-mocks (~> 3.9.0)
    rspec-core (3.9.3)
      rspec-support (~> 3.9.3)
    rspec-expectations (3.9.2)
      diff-lcs (>= 1.2.0, < 2.0)
      rspec-support (~> 3.9.0)
    rspec-mocks (3.9.1)
      diff-lcs (>= 1.2.0, < 2.0)
      rspec-support (~> 3.9.0)
    rspec-support (3.9.3)

PLATFORMS
  ruby

DEPENDENCIES
  faker
  rspec

BUNDLED WITH
   1.17.2
